PATH
  remote: .
  specs:
    mlanett-daemons (1.1.10.1)

GEM
  remote: https://rubygems.org/
  specs:
    rake (10.1.0)

PLATFORMS
  ruby

DEPENDENCIES
  bundler (>= 1.0)
  mlanett-daemons!
  rake
