PATH
  remote: .
  specs:
    daemons (1.0.13)

GEM
  remote: https://rubygems.org/
  specs:
    rake (10.1.0)

PLATFORMS
  ruby

DEPENDENCIES
  bundler (>= 1.0)
  daemons!
  rake
